PATH
  remote: .
  specs:
    middleware-cli (0.1.0)
      terminal-table
      thor (~> 0.20)

GEM
  remote: https://rubygems.org/
  specs:
    minitest (5.11.3)
    rake (10.5.0)
    terminal-table (1.8.0)
      unicode-display_width (~> 1.1, >= 1.1.1)
    thor (0.20.3)
    unicode-display_width (1.4.0)

PLATFORMS
  ruby

DEPENDENCIES
  bundler (~> 1.16)
  middleware-cli!
  minitest (~> 5.0)
  rake (~> 10.0)

BUNDLED WITH
   1.16.6
